PATH
  remote: .
  specs:
    plusbump (2.0.0.beta)
      docopt (~> 0.6.1)
      rugged (~> 0.26)
      semver (~> 1.0)

GEM
  remote: https://rubygems.org/
  specs:
    diff-lcs (1.3)
    docopt (0.6.1)
    rake (10.5.0)
    rspec (3.7.0)
      rspec-core (~> 3.7.0)
      rspec-expectations (~> 3.7.0)
      rspec-mocks (~> 3.7.0)
    rspec-core (3.7.1)
      rspec-support (~> 3.7.0)
    rspec-expectations (3.7.0)
      diff-lcs (>= 1.2.0, < 2.0)
      rspec-support (~> 3.7.0)
    rspec-mocks (3.7.0)
      diff-lcs (>= 1.2.0, < 2.0)
      rspec-support (~> 3.7.0)
    rspec-support (3.7.1)
    rugged (0.27.4)
    semver (1.0.1)

PLATFORMS
  ruby

DEPENDENCIES
  bundler (~> 1.14)
  plusbump!
  rake (~> 10.0)
  rspec (~> 3.7)

BUNDLED WITH
   1.16.2
